GEM
  remote: https://rubygems.org/
  specs:
    rack (3.0.8)
    roda (3.72.0)
      rack
    tilt (2.3.0)

PLATFORMS
  x86_64-linux

DEPENDENCIES
  roda
  tilt

RUBY VERSION
   ruby 3.2.0p0

BUNDLED WITH
   2.4.3
